GEM
  remote: http://rubygems.org/
  specs:
    addressable (2.2.6)
    coderay (0.9.8)
    faraday (0.7.5)
      addressable (~> 2.2)
      multipart-post (~> 1.1)
      rack (~> 1.1)
    faraday-stack (0.1.5)
      faraday (>= 0.6, < 0.8)
    indextank (1.0.12)
      faraday-stack
      yajl-ruby (>= 0.7.7)
    json (1.7.4)
    mime-types (1.19)
    multipart-post (1.1.4)
    nokogiri (1.5.2)
    pdfkit (0.5.2)
    rack (1.4.1)
    rack-codehighlighter (0.5.0)
      nokogiri (>= 1.4.1)
      rack (>= 1.0.0)
    rack-protection (1.2.0)
      rack
    rake (12.3.3)
    rdiscount (1.6.8)
    rest-client (1.6.7)
      mime-types (>= 1.16)
    shotgun (0.9)
      rack (>= 1.0)
    sinatra (1.3.2)
      rack (~> 1.3, >= 1.3.6)
      rack-protection (~> 1.2)
      tilt (~> 1.3, >= 1.3.3)
    tilt (1.3.3)
    yajl-ruby (1.1.0)

PLATFORMS
  ruby

DEPENDENCIES
  coderay (~> 0.9.8)
  indextank
  json
  pdfkit
  rack (~> 1.4.1)
  rack-codehighlighter
  rake (>= 0.9.2)
  rdiscount (= 1.6.8)
  rest-client (~> 1.6.0)
  shotgun
  sinatra (~> 1.3.0)
